GEM
  remote: http://rubygems.org/
  specs:
    faraday (0.9.1)
      multipart-post (>= 1.2, < 3)
    faraday_middleware (0.9.1)
      faraday (>= 0.7.4, < 0.10)
    hashie (3.4.1)
    intercom (2.4.4)
      json (~> 1.8)
    iron_cache (1.4.2)
      iron_core (>= 0.5.1)
    iron_core (1.0.7)
      rest (>= 3.0.4)
    iron_worker (3.0.2)
      iron_core (>= 0.5.1)
      rest (>= 3.0.6)
    json (1.8.2)
    multipart-post (2.0.0)
    net-http-persistent (2.9.4)
    netrc (0.10.3)
    rest (3.0.6)
      net-http-persistent (>= 2.9.1)
      netrc
    restforce (1.5.1)
      faraday (~> 0.9.0)
      faraday_middleware (>= 0.8.8)
      hashie (>= 1.2.0, < 4.0)
      json (>= 1.7.5, < 1.9.0)
    slack-notifier (1.1.0)
    slack_webhooks (0.0.10)
      slack-notifier (>= 0.5.1)

PLATFORMS
  ruby

DEPENDENCIES
  intercom
  iron_cache
  iron_worker
  restforce
  slack_webhooks
