PATH
  remote: .
  specs:
    iron_mq (0.1.0)
      slack-notifier (>= 0.5.1)

GEM
  remote: http://rubygems.org/
  specs:
    slack-notifier (1.1.0)

PLATFORMS
  ruby

DEPENDENCIES
  iron_mq!
