GEM
  remote: http://rubygems.org/
  specs:
    builder (3.2.2)
    excon (0.44.4)
    faraday (0.9.1)
      multipart-post (>= 1.2, < 3)
    iron_core (1.0.7)
      rest (>= 3.0.4)
    iron_worker (3.0.1)
      iron_core (>= 0.5.1)
      rest (>= 3.0.6)
    json (1.8.2)
    jwt (1.4.1)
    mini_portile (0.6.2)
    multi_json (1.11.0)
    multi_xml (0.5.5)
    multipart-post (2.0.0)
    net-http-persistent (2.9.4)
    netrc (0.10.3)
    nokogiri (1.6.6.2)
      mini_portile (~> 0.6.0)
    oauth (0.4.7)
    oauth2 (1.0.0)
      faraday (>= 0.8, < 0.10)
      jwt (~> 1.0)
      multi_json (~> 1.3)
      multi_xml (~> 0.5)
      rack (~> 1.2)
    rack (1.6.0)
    rest (3.0.6)
      net-http-persistent (>= 2.9.1)
      netrc
    simple_oauth (0.3.1)
    slack-notifier (1.1.0)
    slack_webhooks (0.0.4)
      slack-notifier (>= 0.5.1)
    youtube_it (2.4.2)
      builder
      excon
      faraday (>= 0.8, < 0.10)
      json (~> 1.8)
      nokogiri (~> 1.6.0)
      oauth (~> 0.4.4)
      oauth2 (~> 1.0.0)
      simple_oauth (>= 0.1.5)

PLATFORMS
  ruby

DEPENDENCIES
  iron_worker
  slack_webhooks
  youtube_it
